PATH
  remote: .
  specs:
    malfunction (0.2.0)
      activesupport (>= 5.2.1)
      collectible (>= 0.21.0, < 1.0)
      conjunction (>= 0.21.0, < 1.0)
      short_circu_it (>= 0.21.0, < 1.0)
      substance (< 1.0)

GEM
  remote: https://rubygems.org/
  specs:
    activemodel (6.1.3.2)
      activesupport (= 6.1.3.2)
    activesupport (6.1.3.2)
      concurrent-ruby (~> 1.0, >= 1.0.2)
      i18n (>= 1.6, < 2)
      minitest (>= 5.1)
      tzinfo (~> 2.0)
      zeitwerk (~> 2.3)
    around_the_world (0.26.0.4)
      activesupport (>= 5.2.1)
    ast (2.4.0)
    byebug (11.0.1)
    coderay (1.1.2)
    collectible (0.26.0.4)
      activesupport (>= 5.2.1)
      short_circu_it (= 0.26.0.4)
      tablesalt (= 0.26.0.4)
    concurrent-ruby (1.1.8)
    conjunction (0.26.0.4)
      activemodel (>= 5.2.1)
      activesupport (>= 5.2.1)
      directive (= 0.26.0.4)
    diff-lcs (1.3)
    directive (0.26.0.4)
      activemodel (>= 5.2.1)
      activesupport (>= 5.2.1)
      substance (= 0.26.0.4)
    docile (1.3.2)
    faker (1.9.6)
      i18n (>= 0.7)
    i18n (1.8.10)
      concurrent-ruby (~> 1.0)
    jaro_winkler (1.5.4)
    json (2.3.0)
    method_source (0.9.2)
    minitest (5.14.4)
    parallel (1.19.1)
    parser (2.7.0.2)
      ast (~> 2.4.0)
    pry (0.12.2)
      coderay (~> 1.1.0)
      method_source (~> 0.9.0)
    pry-byebug (3.7.0)
      byebug (~> 11.0)
      pry (~> 0.10)
    rack (2.1.1)
    rainbow (3.0.0)
    rake (10.5.0)
    rspec (3.9.0)
      rspec-core (~> 3.9.0)
      rspec-expectations (~> 3.9.0)
      rspec-mocks (~> 3.9.0)
    rspec-core (3.9.1)
      rspec-support (~> 3.9.1)
    rspec-expectations (3.9.0)
      diff-lcs (>= 1.2.0, < 2.0)
      rspec-support (~> 3.9.0)
    rspec-mocks (3.9.1)
      diff-lcs (>= 1.2.0, < 2.0)
      rspec-support (~> 3.9.0)
    rspec-support (3.9.2)
    rspice (0.21.0)
      faker (>= 1.8, < 2.0)
      rspec (~> 3.0)
    rubocop (0.74.0)
      jaro_winkler (~> 1.5.1)
      parallel (~> 1.10)
      parser (>= 2.6)
      rainbow (>= 2.2.2, < 4.0)
      ruby-progressbar (~> 1.7)
      unicode-display_width (>= 1.4.0, < 1.7)
    rubocop-performance (1.4.1)
      rubocop (>= 0.71.0)
    rubocop-rails (2.3.0)
      rack (>= 1.1)
      rubocop (>= 0.72.0)
    rubocop-rspec (1.35.0)
      rubocop (>= 0.60.0)
    ruby-progressbar (1.10.1)
    short_circu_it (0.26.0.4)
      activesupport (>= 5.2.1)
      around_the_world (= 0.26.0.4)
    shoulda-matchers (4.0.1)
      activesupport (>= 4.2.0)
    simplecov (0.17.1)
      docile (~> 1.1)
      json (>= 1.8, < 3)
      simplecov-html (~> 0.10.0)
    simplecov-html (0.10.2)
    spicerack-styleguide (0.21.0)
      rubocop (= 0.74)
      rubocop-performance (= 1.4.1)
      rubocop-rails (= 2.3.0)
      rubocop-rspec (= 1.35.0)
    substance (0.26.0.4)
      activemodel (>= 5.2.1)
      activesupport (>= 5.2.1)
      short_circu_it (= 0.26.0.4)
      tablesalt (= 0.26.0.4)
      technologic (= 0.26.0.4)
    tablesalt (0.26.0.4)
      activemodel (>= 5.2.1)
      activesupport (>= 5.2.1)
    technologic (0.26.0.4)
      activesupport (>= 5.2.1)
      short_circu_it (= 0.26.0.4)
    timecop (0.9.1)
    tzinfo (2.0.4)
      concurrent-ruby (~> 1.0)
    unicode-display_width (1.6.0)
    zeitwerk (2.4.2)

PLATFORMS
  ruby

DEPENDENCIES
  malfunction!
  pry-byebug (>= 3.7.0)
  rake (~> 10.0)
  rspice (>= 0.21.0, < 1.0)
  shoulda-matchers (= 4.0.1)
  simplecov (~> 0.16)
  spicerack-styleguide (>= 0.21.0, < 1.0)
  timecop (>= 0.9.1)

BUNDLED WITH
   2.2.17
